GEM
  remote: https://rubygems.org/
  specs:
    byebug (8.2.2)

PLATFORMS
  ruby

DEPENDENCIES
  byebug

BUNDLED WITH
   1.11.2
